GEM
  remote: http://rubygems.org/
  specs:
    addressable (2.2.6)
    autotest-growl (0.2.11)
    backports (2.3.0)
    capybara (1.1.1)
      mime-types (>= 1.16)
      nokogiri (>= 1.3.3)
      rack (>= 1.0.0)
      rack-test (>= 0.5.4)
      selenium-webdriver (~> 2.0)
      xpath (~> 0.1.4)
    childprocess (0.2.2)
      ffi (~> 1.0.6)
    data_objects (0.10.6)
      addressable (~> 2.1)
    diff-lcs (1.1.3)
    dm-core (1.1.0)
      addressable (~> 2.2.4)
    dm-do-adapter (1.1.0)
      data_objects (~> 0.10.2)
      dm-core (~> 1.1.0)
    dm-mysql-adapter (1.1.0)
      dm-do-adapter (~> 1.1.0)
      do_mysql (~> 0.10.2)
    do_mysql (0.10.6)
      data_objects (= 0.10.6)
    ffi (1.0.9)
    haml (3.1.3)
    json (1.6.1)
    json_pure (1.6.1)
    mime-types (1.16)
    monkey-lib (0.5.4)
      backports
    nokogiri (1.5.0)
    rack (1.3.3)
    rack-flash (0.1.2)
      rack
    rack-test (0.6.1)
      rack (>= 1.0)
    rspec (2.6.0)
      rspec-core (~> 2.6.0)
      rspec-expectations (~> 2.6.0)
      rspec-mocks (~> 2.6.0)
    rspec-core (2.6.4)
    rspec-expectations (2.6.0)
      diff-lcs (~> 1.1.2)
    rspec-mocks (2.6.0)
    rubyzip (0.9.4)
    sass (3.1.7)
    selenium-webdriver (2.7.0)
      childprocess (>= 0.2.1)
      ffi (>= 1.0.7)
      json_pure
      rubyzip
    sinatra (1.2.6)
      rack (~> 1.1)
      tilt (< 2.0, >= 1.2.2)
    sinatra-advanced-routes (0.5.1)
      monkey-lib (~> 0.5.0)
      sinatra (~> 1.0)
      sinatra-sugar (~> 0.5.0)
    sinatra-content-for (0.2)
      sinatra
    sinatra-reloader (0.5.0)
      sinatra (~> 1.0)
      sinatra-advanced-routes (~> 0.5.0)
    sinatra-sugar (0.5.1)
      monkey-lib (~> 0.5.0)
      sinatra (~> 1.0)
    tilt (1.3.3)
    voidtools (0.2.3)
    webrat (0.7.3)
      nokogiri (>= 1.2.0)
      rack (>= 1.0)
      rack-test (>= 0.5.3)
    whois (2.1.0)
    xpath (0.1.4)
      nokogiri (~> 1.3)

PLATFORMS
  ruby

DEPENDENCIES
  autotest-growl
  capybara
  dm-core
  dm-mysql-adapter
  haml
  json
  rack-flash
  rspec
  sass
  sinatra
  sinatra-content-for
  sinatra-reloader
  voidtools
  webrat
  whois
